PATH
  remote: .
  specs:
    bitcoin_core_rpc (0.1.0)
      httparty
      json

GEM
  remote: https://rubygems.org/
  specs:
    httparty (0.21.0)
      mini_mime (>= 1.0.0)
      multi_xml (>= 0.5.2)
    json (2.6.3)
    mini_mime (1.1.2)
    multi_xml (0.6.0)
    rake (12.3.3)

PLATFORMS
  ruby

DEPENDENCIES
  bitcoin_core_rpc!
  rake (~> 12.0)

BUNDLED WITH
   2.1.2
