PATH
  remote: .
  specs:
    bitcoin_core_rpc (0.1.0)
      httparty (~> 0.18.1)
      json (~> 2.5.1)

GEM
  remote: https://rubygems.org/
  specs:
    httparty (0.18.1)
      mime-types (~> 3.0)
      multi_xml (>= 0.5.2)
    json (2.5.1)
    mime-types (3.4.1)
      mime-types-data (~> 3.2015)
    mime-types-data (3.2023.0218.1)
    multi_xml (0.6.0)
    rake (12.3.3)

PLATFORMS
  ruby

DEPENDENCIES
  bitcoin_core_rpc!
  rake (~> 12.0)

BUNDLED WITH
   2.1.2
